GEM
  remote: https://rubygems.org/
  specs:
    nokogiri (1.12.5-x86_64-linux)
      racc (~> 1.4)
    racc (1.6.0)

PLATFORMS
  x86_64-linux

DEPENDENCIES
  nokogiri (~> 1.11, >= 1.11.3)

RUBY VERSION
   ruby 3.0.2p107

BUNDLED WITH
   2.2.28
